GEM
  remote: https://rubygems.org/
  specs:
    rack (2.2.2)
    rgeo (2.1.1)
    rgeo-geojson (2.1.1)
      rgeo (>= 1.0.0)

PLATFORMS
  ruby

DEPENDENCIES
  rack
  rgeo
  rgeo-geojson

BUNDLED WITH
   1.17.2
