GEM
  remote: https://rubygems.org/
  specs:
    figaro (1.1.1)
      thor (~> 0.14)
    rack (2.2.2)
    thor (0.20.3)

PLATFORMS
  ruby

DEPENDENCIES
  figaro
  rack

BUNDLED WITH
   1.17.2
